GIT
  remote: git://github.com/refinery/refinerycms.git
  revision: 09d7e11a39c1e0a8a16a05135631db9e0830e092
  branch: 09d7e11a39c1e0a8a16a05135631db9e0830e092
  specs:
    refinerycms (3.0.0)
      refinerycms-authentication (= 3.0.0)
      refinerycms-core (= 3.0.0)
      refinerycms-images (= 3.0.0)
      refinerycms-pages (= 3.0.0)
      refinerycms-resources (= 3.0.0)
    refinerycms-authentication (3.0.0)
      actionmailer (>= 4.0.2, < 5.0)
      devise (~> 3.0, >= 3.2.4)
      friendly_id (~> 5.1.0)
      refinerycms-core (= 3.0.0)
    refinerycms-core (3.0.0)
      actionpack (>= 4.1.5, < 5.0)
      activerecord (>= 4.1.5, < 5.0)
      awesome_nested_set (~> 3.0.0)
      coffee-rails (~> 4.0, >= 4.0.0)
      decorators (~> 2.0.0)
      jquery-rails (>= 2.3.0)
      jquery-ui-rails (~> 5.0.0)
      railties (>= 4.1.5, < 5.0)
      refinerycms-i18n (~> 3.0.0)
      sass-rails (>= 4.0, < 5.1)
      truncate_html (~> 0.9)
      will_paginate (~> 3.0.2)
    refinerycms-images (3.0.0)
      dragonfly (~> 1.0.0)
      refinerycms-core (= 3.0.0)
    refinerycms-pages (3.0.0)
      awesome_nested_set (~> 3.0.0)
      babosa (!= 0.3.6)
      friendly_id (~> 5.1.0)
      globalize (>= 4.0.0, < 5.2)
      refinerycms-core (= 3.0.0)
      seo_meta (~> 2.0.0.rc.1)
    refinerycms-resources (3.0.0)
      acts_as_indexed (~> 0.8.0)
      dragonfly (~> 1.0.0)
      refinerycms-core (= 3.0.0)

GIT
  remote: https://github.com/refinery/refinerycms-blog
  revision: dff7379738dd1318783dd3135a59a480d3f1432f
  branch: dff7379738dd1318783dd3135a59a480d3f1432f
  specs:
    refinerycms-blog (3.0.0)
      acts-as-taggable-on
      filters_spam (~> 0.2)
      friendly_id (~> 5.1.0)
      globalize (>= 4.0.0, < 5.2)
      jquery-ui-rails (~> 5.0.0)
      rails_autolink (~> 1.1.3)
      refinerycms-core (~> 3.0.0)
      refinerycms-settings (~> 3.0.0)
      refinerycms-wymeditor (~> 1.0.1)
      seo_meta (~> 2.0.0.rc.1)

GEM
  remote: https://rubygems.org/
  specs:
    actionmailer (4.2.3)
      actionpack (= 4.2.3)
      actionview (= 4.2.3)
      activejob (= 4.2.3)
      mail (~> 2.5, >= 2.5.4)
      rails-dom-testing (~> 1.0, >= 1.0.5)
    actionpack (4.2.3)
      actionview (= 4.2.3)
      activesupport (= 4.2.3)
      rack (~> 1.6)
      rack-test (~> 0.6.2)
      rails-dom-testing (~> 1.0, >= 1.0.5)
      rails-html-sanitizer (~> 1.0, >= 1.0.2)
    actionview (4.2.3)
      activesupport (= 4.2.3)
      builder (~> 3.1)
      erubis (~> 2.7.0)
      rails-dom-testing (~> 1.0, >= 1.0.5)
      rails-html-sanitizer (~> 1.0, >= 1.0.2)
    activejob (4.2.3)
      activesupport (= 4.2.3)
      globalid (>= 0.3.0)
    activemodel (4.2.3)
      activesupport (= 4.2.3)
      builder (~> 3.1)
    activerecord (4.2.3)
      activemodel (= 4.2.3)
      activesupport (= 4.2.3)
      arel (~> 6.0)
    activesupport (4.2.3)
      i18n (~> 0.7)
      json (~> 1.7, >= 1.7.7)
      minitest (~> 5.1)
      thread_safe (~> 0.3, >= 0.3.4)
      tzinfo (~> 1.1)
    acts-as-taggable-on (3.5.0)
      activerecord (>= 3.2, < 5)
    acts_as_indexed (0.8.3)
    addressable (2.3.8)
    arel (6.0.0)
    awesome_nested_set (3.0.2)
      activerecord (>= 4.0.0, < 5)
    babosa (1.0.2)
    bcrypt (3.1.10)
    binding_of_caller (0.7.2)
      debug_inspector (>= 0.0.1)
    builder (3.2.2)
    byebug (5.0.0)
      columnize (= 0.9.0)
    coffee-rails (4.1.0)
      coffee-script (>= 2.2.0)
      railties (>= 4.0.0, < 5.0)
    coffee-script (2.4.1)
      coffee-script-source
      execjs
    coffee-script-source (1.9.1.1)
    columnize (0.9.0)
    debug_inspector (0.0.2)
    decorators (2.0.1)
      railties (>= 4.0.0, < 5.0.0)
    devise (3.5.1)
      bcrypt (~> 3.0)
      orm_adapter (~> 0.1)
      railties (>= 3.2.6, < 5)
      responders
      thread_safe (~> 0.1)
      warden (~> 1.2.3)
    dragonfly (1.0.10)
      addressable (~> 2.3)
      multi_json (~> 1.0)
      rack (>= 1.3.0)
    erubis (2.7.0)
    excon (0.45.3)
    execjs (2.5.2)
    filters_spam (0.5)
    friendly_id (5.1.0)
      activerecord (>= 4.0.0)
    globalid (0.3.5)
      activesupport (>= 4.1.0)
    globalize (5.0.1)
      activemodel (>= 4.2.0, < 4.3)
      activerecord (>= 4.2.0, < 4.3)
    haml (4.0.6)
      tilt
    haml-rails (0.9.0)
      actionpack (>= 4.0.1)
      activesupport (>= 4.0.1)
      haml (>= 4.0.6, < 5.0)
      html2haml (>= 1.0.1)
      railties (>= 4.0.1)
    html2haml (2.0.0)
      erubis (~> 2.7.0)
      haml (~> 4.0.0)
      nokogiri (~> 1.6.0)
      ruby_parser (~> 3.5)
    i18n (0.7.0)
    jbuilder (2.3.1)
      activesupport (>= 3.0.0, < 5)
      multi_json (~> 1.2)
    jquery-rails (4.0.4)
      rails-dom-testing (~> 1.0)
      railties (>= 4.2.0)
      thor (>= 0.14, < 2.0)
    jquery-ui-rails (5.0.5)
      railties (>= 3.2.16)
    json (1.8.3)
    loofah (2.0.2)
      nokogiri (>= 1.5.9)
    mail (2.6.3)
      mime-types (>= 1.16, < 3)
    mailchimp-api (2.0.6)
      excon (>= 0.16.0)
      json (>= 1.7.7)
    mime-types (2.6.1)
    mini_portile (0.6.2)
    minitest (5.7.0)
    multi_json (1.11.2)
    nokogiri (1.6.6.2)
      mini_portile (~> 0.6.0)
    orm_adapter (0.5.0)
    rack (1.6.4)
    rack-test (0.6.3)
      rack (>= 1.0)
    rails (4.2.3)
      actionmailer (= 4.2.3)
      actionpack (= 4.2.3)
      actionview (= 4.2.3)
      activejob (= 4.2.3)
      activemodel (= 4.2.3)
      activerecord (= 4.2.3)
      activesupport (= 4.2.3)
      bundler (>= 1.3.0, < 2.0)
      railties (= 4.2.3)
      sprockets-rails
    rails-deprecated_sanitizer (1.0.3)
      activesupport (>= 4.2.0.alpha)
    rails-dom-testing (1.0.6)
      activesupport (>= 4.2.0.beta, < 5.0)
      nokogiri (~> 1.6.0)
      rails-deprecated_sanitizer (>= 1.0.1)
    rails-html-sanitizer (1.0.2)
      loofah (~> 2.0)
    rails-i18n (4.0.4)
      i18n (~> 0.6)
      railties (~> 4.0)
    rails_autolink (1.1.6)
      rails (> 3.1)
    railties (4.2.3)
      actionpack (= 4.2.3)
      activesupport (= 4.2.3)
      rake (>= 0.8.7)
      thor (>= 0.18.1, < 2.0)
    rake (10.4.2)
    rdoc (4.2.0)
    refinerycms-i18n (3.0.1)
      rails-i18n (~> 4.0.1)
      routing-filter (>= 0.4.0)
    refinerycms-settings (3.0.0)
      friendly_id (~> 5.0, >= 5.0.1)
      refinerycms-core (~> 3.0, >= 3.0.0)
    refinerycms-wymeditor (1.0.6)
      refinerycms-core (~> 3.0, >= 3.0.0)
    responders (2.1.0)
      railties (>= 4.2.0, < 5)
    routing-filter (0.5.0)
      actionpack (~> 4.2)
      activesupport (~> 4.2)
    ruby_parser (3.7.0)
      sexp_processor (~> 4.1)
    sass (3.4.15)
    sass-rails (5.0.3)
      railties (>= 4.0.0, < 5.0)
      sass (~> 3.1)
      sprockets (>= 2.8, < 4.0)
      sprockets-rails (>= 2.0, < 4.0)
      tilt (~> 1.1)
    sdoc (0.4.1)
      json (~> 1.7, >= 1.7.7)
      rdoc (~> 4.0)
    seo_meta (2.0.0.rc.1)
      railties (>= 3.0.0)
    sexp_processor (4.6.0)
    spring (1.3.6)
    sprockets (3.2.0)
      rack (~> 1.0)
    sprockets-rails (2.3.2)
      actionpack (>= 3.0)
      activesupport (>= 3.0)
      sprockets (>= 2.8, < 4.0)
    sqlite3 (1.3.10)
    thor (0.19.1)
    thread_safe (0.3.5)
    tilt (1.4.1)
    truncate_html (0.9.3)
    turbolinks (2.5.3)
      coffee-rails
    twitter-bootstrap-rails (3.2.0)
      actionpack (~> 4.1)
      execjs (~> 2.2)
      rails (~> 4.1)
      railties (~> 4.1)
    tzinfo (1.2.2)
      thread_safe (~> 0.1)
    uglifier (2.7.1)
      execjs (>= 0.3.0)
      json (>= 1.8.0)
    warden (1.2.3)
      rack (>= 1.0)
    web-console (2.1.3)
      activemodel (>= 4.0)
      binding_of_caller (>= 0.7.2)
      railties (>= 4.0)
      sprockets-rails (>= 2.0, < 4.0)
    will_paginate (3.0.7)

PLATFORMS
  ruby

DEPENDENCIES
  byebug
  coffee-rails (~> 4.1.0)
  haml
  haml-rails
  jbuilder (~> 2.0)
  jquery-rails
  mailchimp-api (~> 2.0.6)
  rails (= 4.2.3)
  refinerycms!
  refinerycms-blog!
  sass-rails (~> 5.0)
  sdoc (~> 0.4.0)
  spring
  sqlite3
  turbolinks
  twitter-bootstrap-rails
  uglifier (>= 1.3.0)
  web-console (~> 2.0)

BUNDLED WITH
   1.10.5
